PATH
  remote: .
  specs:
    without_test_helper (0.0.3)

GEM
  remote: http://rubygems.org/
  specs:
    rake (12.0.0)

PLATFORMS
  ruby

DEPENDENCIES
  rake
  without_test_helper!

BUNDLED WITH
   1.14.6
